GEM
  remote: https://rubygems.org/
  specs:
    rb-readline (0.5.2)

PLATFORMS
  ruby

DEPENDENCIES
  rb-readline
